GEM
  remote: https://rubygems.org/
  specs:
    RedCloth (4.2.9-x86-mingw32)
    chunky_png (1.2.9)
    classifier (1.3.3)
      fast-stemmer (>= 1.0.0)
    colorator (0.1)
    commander (4.1.5)
      highline (~> 1.6.11)
    compass (1.0.0.alpha.15)
      chunky_png (~> 1.2)
      compass-core (~> 1.0.0.alpha.15)
      json
      listen (~> 1.1.0)
      sass (~> 3.3.0.rc.1)
    compass-core (1.0.0.alpha.15)
      multi_json (~> 1.0)
      sass (>= 3.3.rc.1)
    directory_watcher (1.4.1)
    fast-stemmer (1.0.2)
    ffi (1.9.3-x86-mingw32)
    github-pages (8)
      RedCloth (= 4.2.9)
      jekyll (= 1.2.0)
      kramdown (= 1.0.2)
      liquid (= 2.5.1)
      maruku (= 0.6.1)
      rdiscount (= 1.6.8)
      redcarpet (= 2.2.2)
    highline (1.6.20)
    jekyll (1.2.0)
      classifier (~> 1.3)
      colorator (~> 0.1)
      commander (~> 4.1.3)
      directory_watcher (~> 1.4.1)
      liquid (~> 2.5.1)
      maruku (~> 0.5)
      pygments.rb (~> 0.5.0)
      redcarpet (~> 2.2.2)
      safe_yaml (~> 0.7.0)
    json (1.8.1)
    kramdown (1.0.2)
    liquid (2.5.1)
    listen (1.1.6)
      rb-fsevent (>= 0.9.3)
      rb-inotify (>= 0.9)
      rb-kqueue (>= 0.2)
    maruku (0.6.1)
      syntax (>= 1.0.0)
    multi_json (1.8.2)
    posix-spawn (0.3.8)
    pygments.rb (0.5.4)
      posix-spawn (~> 0.3.6)
      yajl-ruby (~> 1.1.0)
    rb-fsevent (0.9.3)
    rb-inotify (0.9.2)
      ffi (>= 0.5.0)
    rb-kqueue (0.2.0)
      ffi (>= 0.5.0)
    rdiscount (1.6.8)
    redcarpet (2.2.2)
    safe_yaml (0.7.1)
    sass (3.3.0.rc.2)
      listen (~> 1.1.0)
    syntax (1.0.0)
    wdm (0.1.0)
    yajl-ruby (1.1.0-x86-mingw32)

PLATFORMS
  x86-mingw32

DEPENDENCIES
  compass (= 1.0.0.alpha.15)
  github-pages
  wdm (>= 0.1.0)
